GEM
  remote: https://rubygems.org/
  specs:
    activesupport (5.2.4.3)
      concurrent-ruby (~> 1.0, >= 1.0.2)
      i18n (>= 0.7, < 2)
      minitest (~> 5.1)
      tzinfo (~> 1.1)
    ast (2.4.0)
    aws-eventstream (1.0.1)
    aws-partitions (1.141.0)
    aws-sdk-core (3.46.2)
      aws-eventstream (~> 1.0)
      aws-partitions (~> 1.0)
      aws-sigv4 (~> 1.0)
      jmespath (~> 1.0)
    aws-sdk-sqs (1.10.0)
      aws-sdk-core (~> 3, >= 3.39.0)
      aws-sigv4 (~> 1.0)
    aws-sigv4 (1.0.3)
    concurrent-ruby (1.1.4)
    hashdiff (1.0.0)
    i18n (1.5.3)
      concurrent-ruby (~> 1.0)
    jaro_winkler (1.5.4)
    jmespath (1.4.0)
    minitest (5.11.3)
    parallel (1.19.1)
    parser (2.7.0.4)
      ast (~> 2.4.0)
    rainbow (3.0.0)
    rake (13.0.1)
    rexml (3.2.5)
    rubocop (0.80.1)
      jaro_winkler (~> 1.5.1)
      parallel (~> 1.10)
      parser (>= 2.7.0.1)
      rainbow (>= 2.2.2, < 4.0)
      rexml
      ruby-progressbar (~> 1.7)
      unicode-display_width (>= 1.4.0, < 1.7)
    ruby-progressbar (1.10.1)
    sequel (5.17.0)
    shoryuken (4.0.3)
      aws-sdk-core (>= 2)
      concurrent-ruby
      thor
    thor (0.20.3)
    thread_safe (0.3.6)
    tiny_tds (2.1.2)
    tzinfo (1.2.5)
      thread_safe (~> 0.1)
    unicode-display_width (1.6.1)

PLATFORMS
  ruby

DEPENDENCIES
  activesupport
  aws-sdk-sqs
  hashdiff
  jaro_winkler
  rake (>= 12.3.3)
  rubocop
  sequel
  shoryuken
  tiny_tds

BUNDLED WITH
   2.0.2
